GEM
  remote: https://rubygems.org/
  specs:
    git (1.3.0)
    gli (2.15.0)
      bundler

PLATFORMS
  ruby

DEPENDENCIES
  git
  gli (= 2.15.0)

BUNDLED WITH
   1.15.4
